PATH
  remote: .
  specs:
    wiresnark-web (0.0.0)
      sinatra

GEM
  remote: http://rubygems.org/
  specs:
    base64 (0.2.0)
    ffi (1.2.0)
    listen (0.6.0)
    minitest (4.3.3)
    mustermann (3.0.3)
      ruby2_keywords (~> 0.0.1)
    rack (2.2.8.1)
    rack-protection (3.2.0)
      base64 (>= 0.1.0)
      rack (~> 2.2, >= 2.2.4)
    rack-test (0.6.2)
      rack (>= 1.0)
    rake (10.0.3)
    rb-inotify (0.8.8)
      ffi (>= 0.5.0)
    rerun (0.7.1)
      listen
    ruby2_keywords (0.0.5)
    sinatra (3.2.0)
      mustermann (~> 3.0)
      rack (~> 2.2, >= 2.2.4)
      rack-protection (= 3.2.0)
      tilt (~> 2.0)
    tilt (2.5.0)

PLATFORMS
  ruby

DEPENDENCIES
  bundler
  minitest (~> 4.0)
  rack-test
  rake
  rb-inotify
  rerun
  wiresnark-web!
