PATH
  remote: .
  specs:
    wiresnark-web (0.0.0)
      sinatra

GEM
  remote: http://rubygems.org/
  specs:
    base64 (0.2.0)
    ffi (1.9.24)
    listen (0.6.0)
    logger (1.6.4)
    minitest (4.3.3)
    mustermann (3.0.3)
      ruby2_keywords (~> 0.0.1)
    rack (3.1.16)
    rack-protection (4.1.0)
      base64 (>= 0.1.0)
      logger (>= 1.6.0)
      rack (>= 3.0.0, < 4)
    rack-session (2.1.0)
      base64 (>= 0.1.0)
      rack (>= 3.0.0)
    rack-test (0.6.2)
      rack (>= 1.0)
    rake (12.3.3)
    rb-inotify (0.8.8)
      ffi (>= 0.5.0)
    rerun (0.7.1)
      listen
    ruby2_keywords (0.0.5)
    sinatra (4.1.0)
      logger (>= 1.6.0)
      mustermann (~> 3.0)
      rack (>= 3.0.0, < 4)
      rack-protection (= 4.1.0)
      rack-session (>= 2.0.0, < 3)
      tilt (~> 2.0)
    tilt (2.5.0)

PLATFORMS
  ruby

DEPENDENCIES
  bundler
  minitest (~> 4.0)
  rack-test
  rake
  rb-inotify
  rerun
  wiresnark-web!
