PATH
  remote: .
  specs:
    wiresnark-web (0.0.0)
      sinatra

GEM
  remote: http://rubygems.org/
  specs:
    ffi (1.1.5)
    listen (0.5.3)
    minitest (4.1.0)
    rack (1.4.1)
    rack-protection (1.2.0)
      rack
    rack-test (0.6.2)
      rack (>= 1.0)
    rake (0.9.2.2)
    rb-inotify (0.8.8)
      ffi (>= 0.5.0)
    rerun (0.7.1)
      listen
    sinatra (1.3.3)
      rack (~> 1.3, >= 1.3.6)
      rack-protection (~> 1.2)
      tilt (~> 1.3, >= 1.3.3)
    tilt (1.3.3)

PLATFORMS
  ruby

DEPENDENCIES
  bundler
  minitest (~> 4.0)
  rack-test
  rake
  rb-inotify
  rerun
  wiresnark-web!
